GIT
  remote: https://github.com/sinatra/sinatra.git
  revision: cf404526373298f06a59e1a129b6cdf8282ae216
  specs:
    rack-protection (2.1.0)
      rack
    sinatra (2.1.0)
      mustermann (~> 1.0)
      rack (~> 2.2)
      rack-protection (= 2.1.0)
      tilt (~> 2.0)

GEM
  remote: https://rubygems.org/
  specs:
    coderay (1.1.3)
    method_source (1.0.0)
    mustermann (1.1.1)
      ruby2_keywords (~> 0.0.1)
    poke-api-v2 (0.1.1)
    pry (0.14.1)
      coderay (~> 1.1)
      method_source (~> 1.0)
    rack (2.2.3)
    ruby2_keywords (0.0.4)
    tilt (2.0.10)

PLATFORMS
  -darwin-20

DEPENDENCIES
  poke-api-v2
  pry
  sinatra!

BUNDLED WITH
   2.2.14
